PATH
  remote: .
  specs:
    panchira (1.2.0)
      fastimage (~> 2.1.7)
      nokogiri (~> 1.10.9)

GEM
  remote: https://rubygems.org/
  specs:
    fastimage (2.1.7)
    mini_portile2 (2.4.0)
    minitest (5.14.2)
    nokogiri (1.10.10)
      mini_portile2 (~> 2.4.0)
    rake (12.3.3)

PLATFORMS
  ruby

DEPENDENCIES
  bundler (~> 2.0)
  minitest (~> 5.0)
  panchira!
  rake (~> 12.3.3)

BUNDLED WITH
   2.0.2
