PATH
  remote: .
  specs:
    panchira (1.6.0)
      fastimage (~> 2.1.7)
      nokogiri (>= 1.10.9, < 1.14.0)

GEM
  remote: https://rubygems.org/
  specs:
    ast (2.4.2)
    fastimage (2.1.7)
    json (2.6.3)
    mini_portile2 (2.8.1)
    minitest (5.17.0)
    nokogiri (1.13.10)
      mini_portile2 (~> 2.8.0)
      racc (~> 1.4)
    parallel (1.22.1)
    parser (3.2.0.0)
      ast (~> 2.4.1)
    racc (1.6.2)
    rainbow (3.1.1)
    rake (12.3.3)
    regexp_parser (2.6.1)
    rexml (3.2.5)
    rubocop (1.42.0)
      json (~> 2.3)
      parallel (~> 1.10)
      parser (>= 3.1.2.1)
      rainbow (>= 2.2.2, < 4.0)
      regexp_parser (>= 1.8, < 3.0)
      rexml (>= 3.2.5, < 4.0)
      rubocop-ast (>= 1.24.1, < 2.0)
      ruby-progressbar (~> 1.7)
      unicode-display_width (>= 1.4.0, < 3.0)
    rubocop-ast (1.24.1)
      parser (>= 3.1.1.0)
    rubocop-minitest (0.25.1)
      rubocop (>= 0.90, < 2.0)
    ruby-progressbar (1.11.0)
    unicode-display_width (2.4.2)

PLATFORMS
  ruby
  x86_64-linux

DEPENDENCIES
  bundler (~> 2.0)
  minitest (~> 5.0)
  panchira!
  rake (~> 12.3.3)
  rubocop (~> 1.7)
  rubocop-minitest (~> 0.10)

BUNDLED WITH
   2.4.2
